GEM
  remote: https://rubygems.org/
  specs:
    elasticsearch (6.3.1)
      elasticsearch-api (= 6.3.1)
      elasticsearch-transport (= 6.3.1)
    elasticsearch-api (6.3.1)
      multi_json
    elasticsearch-transport (6.3.1)
      faraday
      multi_json
    faraday (0.15.4)
      multipart-post (>= 1.2, < 3)
    multi_json (1.13.1)
    multipart-post (2.1.0)

PLATFORMS
  ruby

DEPENDENCIES
  elasticsearch (~> 6.3)

BUNDLED WITH
   2.0.1
